GEM
  remote: https://rubygems.org/
  specs:
    celluloid (0.16.0)
      timers (~> 4.0.0)
    ffi (1.9.10)
    fontcustom (1.3.8)
      json (~> 1.4)
      listen (>= 1.0, < 3.0)
      thor (~> 0.14)
    hitimes (1.2.3)
    json (1.8.3)
    listen (2.10.1)
      celluloid (~> 0.16.0)
      rb-fsevent (>= 0.9.3)
      rb-inotify (>= 0.9)
    rainbow (2.1.0)
    rb-fsevent (0.9.7)
    rb-inotify (0.9.7)
      ffi (>= 0.5.0)
    sass (3.4.21)
    scss-lint (0.38.0)
      rainbow (~> 2.0)
      sass (~> 3.4.1)
    thor (0.19.1)
    timers (4.0.4)
      hitimes

PLATFORMS
  ruby

DEPENDENCIES
  fontcustom (>= 1.3.8)
  sass (>= 3.4.20)
  scss-lint (>= 0.38.0)

BUNDLED WITH
   1.11.2
